GEM
  remote: https://rubygems.org/
  specs:
    activesupport (4.2.5)
      i18n (~> 0.7)
      json (~> 1.7, >= 1.7.7)
      minitest (~> 5.1)
      thread_safe (~> 0.3, >= 0.3.4)
      tzinfo (~> 1.1)
    blockchain (1.1.1)
    config (1.0.0)
      activesupport (>= 3.0)
      deep_merge (~> 1.0.0)
    deep_merge (1.0.1)
    i18n (0.7.0)
    json (1.8.3)
    minitest (5.8.3)
    rack (1.6.4)
    rack-protection (1.5.3)
      rack
    shotgun (0.9.1)
      rack (>= 1.0)
    sinatra (1.4.6)
      rack (~> 1.4)
      rack-protection (~> 1.4)
      tilt (>= 1.3, < 3)
    sqlite3 (1.3.11)
    thread_safe (0.3.5)
    tilt (2.0.1)
    tzinfo (1.2.2)
      thread_safe (~> 0.1)

PLATFORMS
  ruby

DEPENDENCIES
  blockchain (~> 1.1, >= 1.1.1)
  config (~> 1.0)
  shotgun (~> 0.9.1)
  sinatra (~> 1.4, >= 1.4.6)
  sqlite3 (~> 1.3, >= 1.3.11)

BUNDLED WITH
   1.10.6
