GEM
  remote: https://rubygems.org/
  specs:
    activesupport (4.2.5)
      i18n (~> 0.7)
      json (~> 1.7, >= 1.7.7)
      minitest (~> 5.1)
      thread_safe (~> 0.3, >= 0.3.4)
      tzinfo (~> 1.1)
    blockchain (3.0.1)
    config (1.0.0)
      activesupport (>= 3.0)
      deep_merge (~> 1.0.0)
    deep_merge (1.0.1)
    i18n (0.7.0)
    json (1.8.5)
    minitest (5.8.3)
    mustermann (1.1.1)
      ruby2_keywords (~> 0.0.1)
    rack (2.2.3)
    rack-protection (2.2.0)
      rack
    ruby2_keywords (0.0.5)
    shotgun (0.9.1)
      rack (>= 1.0)
    sinatra (2.2.0)
      mustermann (~> 1.0)
      rack (~> 2.2)
      rack-protection (= 2.2.0)
      tilt (~> 2.0)
    sqlite3 (1.3.11)
    thread_safe (0.3.5)
    tilt (2.0.10)
    tzinfo (1.2.2)
      thread_safe (~> 0.1)

PLATFORMS
  ruby

DEPENDENCIES
  blockchain (~> 3.0.1, >= 1.1.1)
  config (~> 1.0)
  shotgun (~> 0.9.1)
  sinatra (~> 2.2)
  sqlite3 (~> 1.3, >= 1.3.11)

BUNDLED WITH
   1.15.1
